GEM
  remote: http://rubygems.org/
  specs:
    net-scp (1.0.4)
      net-ssh (>= 1.99.1)
    net-ssh (2.0.24)
    nokogiri (1.4.3.1)
    thor (0.14.6)

PLATFORMS
  ruby

DEPENDENCIES
  bundler (~> 1.0.0)
  net-scp (~> 1.0.4)
  net-ssh (~> 2.0.23)
  nokogiri (~> 1.4.3.1)
  thor (~> 0.14.2)
